GEM
  remote: http://rubygems.org/
  specs:
    crack (0.1.8)
    git (1.2.5)
    httparty (0.7.7)
      crack (= 0.1.8)
    jeweler (1.6.0)
      bundler (~> 1.0.0)
      git (>= 1.2.5)
      rake
    nokogiri (1.4.4)
    rake (0.8.7)
    rspec (1.3.2)
    ruby-usb (0.2.1)

PLATFORMS
  ruby

DEPENDENCIES
  httparty
  jeweler
  nokogiri
  rspec (= 1.3.2)
  ruby-usb (>= 0.2.1)
